GEM
  remote: http://rubygems.org/
  specs:
    ffi (1.9.0)
    ffi-rzmq (1.0.1)
      ffi
    json (1.8.0)
    trollop (2.0)

PLATFORMS
  ruby

DEPENDENCIES
  ffi-rzmq
  json
  trollop
